PATH
  remote: iudex
  specs:
    iudex (1.2.1-java)
      iudex-async-httpclient (~> 1.2.1)
      iudex-brutefuzzy-service (~> 1.2.1)
      iudex-httpclient-3 (~> 1.2.1)
      iudex-jetty-httpclient (~> 1.2.1)
      iudex-worker (~> 1.2.1)

PATH
  remote: iudex-async-httpclient
  specs:
    iudex-async-httpclient (1.2.1-java)
      hooker (~> 1.0.0)
      iudex-http (~> 1.2.1)
      rjack-async-httpclient (~> 1.6.5)

PATH
  remote: iudex-barc
  specs:
    iudex-barc (1.2.1-java)
      gravitext-util (~> 1.6.1)
      iudex-http (~> 1.2.1)
      rjack-slf4j (~> 1.6.1)

PATH
  remote: iudex-brutefuzzy-protobuf
  specs:
    iudex-brutefuzzy-protobuf (1.2.1-java)
      rjack-protobuf (~> 2.4.1)

PATH
  remote: iudex-brutefuzzy-service
  specs:
    iudex-brutefuzzy-service (1.2.1-java)
      iudex-brutefuzzy-protobuf (~> 1.2.1)
      iudex-core (~> 1.2.1)
      iudex-simhash (~> 1.2.1)
      rjack-jms (~> 1.1.0)
      rjack-logback (~> 1.0)
      rjack-qpid-client (~> 0.14.0)

PATH
  remote: iudex-char-detector
  specs:
    iudex-char-detector (1.2.1-java)
      iudex-core (~> 1.2.1)
      rjack-icu (~> 4.8.0)

PATH
  remote: iudex-core
  specs:
    iudex-core (1.2.1-java)
      gravitext-util (~> 1.6.1)
      hooker (~> 1.0.0)
      iudex-barc (~> 1.2.1)
      iudex-filter (~> 1.2.1)
      iudex-http (~> 1.2.1)
      rjack-slf4j (~> 1.6.1)

PATH
  remote: iudex-da
  specs:
    iudex-da (1.2.1-java)
      activerecord (~> 3.1.3)
      activerecord-jdbcpostgresql-adapter (~> 1.2.2)
      iudex-core (~> 1.2.1)
      jdbc-postgres (~> 9.1.901)
      rjack-commons-dbcp (~> 1.4.0)
      rjack-commons-dbutils (~> 1.4.0)

PATH
  remote: iudex-filter
  specs:
    iudex-filter (1.2.1-java)
      gravitext-util (~> 1.6.1)
      rjack-slf4j (~> 1.6.1)

PATH
  remote: iudex-html
  specs:
    iudex-html (1.2.1-java)
      gravitext-xmlprod (~> 1.5.1)
      iudex-core (~> 1.2.1)
      rjack-nekohtml (~> 1.9.14)

PATH
  remote: iudex-http
  specs:
    iudex-http (1.2.1-java)
      gravitext-util (~> 1.6.1)
      rjack-slf4j (~> 1.6.1)

PATH
  remote: iudex-http-test
  specs:
    iudex-http-test (1.2.1-java)
      builder (~> 3.0.0)
      fishwife (~> 1.3.0)
      markaby (~> 0.7.1)
      minitest (~> 2.3)
      sinatra (~> 1.3.1)

PATH
  remote: iudex-httpclient-3
  specs:
    iudex-httpclient-3 (1.2.1-java)
      hooker (~> 1.0.0)
      iudex-http (~> 1.2.1)
      rjack-httpclient-3 (~> 3.1.3)

PATH
  remote: iudex-jetty-httpclient
  specs:
    iudex-jetty-httpclient (1.2.1-java)
      hooker (~> 1.0.0)
      iudex-http (~> 1.2.1)
      rjack-jetty (>= 7.5.4, < 7.7)

PATH
  remote: iudex-rome
  specs:
    iudex-rome (1.2.1-java)
      iudex-core (~> 1.2.1)
      rjack-rome (~> 1.0.2)

PATH
  remote: iudex-simhash
  specs:
    iudex-simhash (1.2.1-java)
      iudex-core (~> 1.2.1)
      iudex-html (~> 1.2.1)

PATH
  remote: iudex-worker
  specs:
    iudex-worker (1.2.1-java)
      iudex-char-detector (~> 1.2.1)
      iudex-core (~> 1.2.1)
      iudex-da (~> 1.2.1)
      iudex-html (~> 1.2.1)
      iudex-rome (~> 1.2.1)
      iudex-simhash (~> 1.2.1)
      rjack-logback (~> 1.0)

GEM
  remote: http://rubygems.org/
  specs:
    activemodel (3.1.4)
      activesupport (= 3.1.4)
      builder (~> 3.0.0)
      i18n (~> 0.6)
    activerecord (3.1.4)
      activemodel (= 3.1.4)
      activesupport (= 3.1.4)
      arel (~> 2.2.3)
      tzinfo (~> 0.3.29)
    activerecord-jdbc-adapter (1.2.2)
    activerecord-jdbcpostgresql-adapter (1.2.2)
      activerecord-jdbc-adapter (~> 1.2.2)
      jdbc-postgres (>= 9.0, < 9.2)
    activesupport (3.1.4)
      multi_json (~> 1.0)
    arel (2.2.3)
    bouncy-castle-java (1.5.0146.1)
    builder (3.0.0)
    fishwife (1.3.0-java)
      rack (~> 1.4.1)
      rjack-jetty (>= 7.5.4, < 7.7)
      rjack-slf4j (~> 1.6.1)
    gravitext-util (1.6.1-java)
      rjack-logback (~> 1.0)
      rjack-slf4j (~> 1.6.1)
    gravitext-xmlprod (1.5.1-java)
      gravitext-util (~> 1.6.1)
    hooker (1.0.0)
    i18n (0.6.0)
    jdbc-postgres (9.1.901)
    jruby-openssl (0.7.6.1)
      bouncy-castle-java (>= 1.5.0146.1)
    json (1.6.5-java)
    markaby (0.7.2)
      builder (>= 2.0.0)
    minitest (2.11.3)
    multi_json (1.1.0)
    rack (1.4.1)
    rack-protection (1.2.0)
      rack
    rack-test (0.6.1)
      rack (>= 1.0)
    rake (0.9.2.2)
    rdoc (3.12)
      json (~> 1.4)
    rjack-async-httpclient (1.6.5.0-java)
      rjack-slf4j (~> 1.6.1)
    rjack-commons-codec (1.4.2-java)
    rjack-commons-dbcp (1.4.0.1-java)
      rjack-commons-pool (~> 1.5.3)
    rjack-commons-dbutils (1.4.0-java)
    rjack-commons-pool (1.5.7.0-java)
    rjack-httpclient-3 (3.1.5-java)
      rjack-commons-codec (~> 1.4.0)
      rjack-slf4j (>= 1.5.8, < 1.7)
    rjack-icu (4.8.1.1-java)
    rjack-jdom (1.1.0.2-java)
    rjack-jetty (7.6.0.0-java)
    rjack-jms (1.1.0-java)
      rjack-jms-spec (~> 1.1.1)
      rjack-slf4j (>= 1.5.8, < 1.7)
    rjack-jms-spec (1.1.1-java)
    rjack-logback (1.3.0-java)
      rjack-slf4j (~> 1.6.0)
    rjack-maven (3.0.3.1-java)
    rjack-nekohtml (1.9.15.0-java)
      rjack-xerces (~> 2.9.1)
    rjack-protobuf (2.4.1.0-java)
    rjack-qpid-client (0.14.0-java)
      rjack-jms (>= 1.0.0, < 1.2)
      rjack-slf4j (>= 1.5.8, < 1.7)
    rjack-rome (1.0.2-java)
      rjack-jdom (~> 1.1.0)
    rjack-slf4j (1.6.4.0-java)
    rjack-tarpit (2.0.1-java)
      jruby-openssl (~> 0.7.4)
      rake (~> 0.9.2, >= 0.9.2.2)
      rdoc (~> 3.12)
      rjack-maven (~> 3.0.3)
    rjack-xerces (2.9.1.0-java)
    sinatra (1.3.2)
      rack (~> 1.3, >= 1.3.6)
      rack-protection (~> 1.2)
      tilt (~> 1.3, >= 1.3.3)
    tilt (1.3.3)
    tzinfo (0.3.32)

PLATFORMS
  java

DEPENDENCIES
  iudex!
  iudex-async-httpclient!
  iudex-barc!
  iudex-brutefuzzy-protobuf!
  iudex-brutefuzzy-service!
  iudex-char-detector!
  iudex-core!
  iudex-da!
  iudex-filter!
  iudex-html!
  iudex-http!
  iudex-http-test!
  iudex-httpclient-3!
  iudex-jetty-httpclient!
  iudex-rome!
  iudex-simhash!
  iudex-worker!
  minitest (~> 2.3)
  rack (~> 1.4.1)
  rack-test (~> 0.6.0)
  rjack-logback (~> 1.0)
  rjack-tarpit (~> 2.0)
