GEM
  remote: http://rubygems.org/
  specs:
    albino (1.3.3)
      posix-spawn (>= 0.3.6)
    classifier (1.3.3)
      fast-stemmer (>= 1.0.0)
    directory_watcher (1.3.2)
    fast-stemmer (1.0.0)
    image_size (1.0.3)
    jekyll (0.11.0)
      albino (>= 1.3.2)
      classifier (>= 1.3.1)
      directory_watcher (>= 1.1.1)
      kramdown (>= 0.13.2)
      liquid (>= 1.9.0)
      maruku (>= 0.5.9)
    jekyll-svg-plugin (1.1.0)
      image_size (~> 1.0.3)
    kramdown (0.13.3)
    liquid (2.2.2)
    maruku (0.6.0)
      syntax (>= 1.0.0)
    minitest (2.6.0)
    posix-spawn (0.3.6)
    rake (0.9.2)
    syntax (1.0.0)

PLATFORMS
  java
  ruby

DEPENDENCIES
  directory_watcher (~> 1.3.2)
  jekyll (~> 0.11.0)
  jekyll-svg-plugin (~> 1.1.0)
  kramdown (~> 0.13.3)
  liquid (~> 2.2.2)
  minitest (~> 2.3)
  rake (>= 0.8.7)
